BrainVision Data Exchange Header File Version 1.0
; Data created by the BrainVision Recorder

[Common Infos]
Codepage=UTF-8
DataFile=M21_S230_LDT_EEG.eeg
MarkerFile=M21_S230_LDT_EEG.vmrk
DataFormat=BINARY
; Data orientation: MULTIPLEXED=ch1,pt1, ch2,pt1 ...
DataOrientation=MULTIPLEXED
NumberOfChannels=31
; Sampling interval in microseconds
SamplingInterval=1000

[Binary Infos]
BinaryFormat=IEEE_FLOAT_32

[Channel Infos]
; Each entry: Ch<Channel number>=<Name>,<Reference channel name>,
; <Resolution in "Unit">,<Unit>, Future extensions..
; Fields are delimited by commas, some fields might be omitted (empty).
; Commas in channel names are coded as "\1".
Ch1=Fp1,,0.0488281,µV
Ch2=Fz,,0.0488281,µV
Ch3=F3,,0.0488281,µV
Ch4=F7,,0.0488281,µV
Ch5=FT9,,0.0488281,µV
Ch6=FC5,,0.0488281,µV
Ch7=FC1,,0.0488281,µV
Ch8=C3,,0.0488281,µV
Ch9=T7,,0.0488281,µV
Ch10=TP9,,0.0488281,µV
Ch11=CP5,,0.0488281,µV
Ch12=CP1,,0.0488281,µV
Ch13=Pz,,0.0488281,µV
Ch14=P3,,0.0488281,µV
Ch15=P7,,0.0488281,µV
Ch16=O1,,0.0488281,µV
Ch17=Oz,,0.0488281,µV
Ch18=O2,,0.0488281,µV
Ch19=P4,,0.0488281,µV
Ch20=P8,,0.0488281,µV
Ch21=CP6,,0.0488281,µV
Ch22=CP2,,0.0488281,µV
Ch23=Cz,,0.0488281,µV
Ch24=C4,,0.0488281,µV
Ch25=T8,,0.0488281,µV
Ch26=FT10,,0.0488281,µV
Ch27=FC6,,0.0488281,µV
Ch28=FC2,,0.0488281,µV
Ch29=F4,,0.0488281,µV
Ch30=F8,,0.0488281,µV
Ch31=Fp2,,0.0488281,µV

[Coordinates]
; Electrode Position File: C:\Vision\CACS-32\CACS-32_NO_REF.bvef
Ch1=1,-90,-72
Ch2=1,45,90
Ch3=1,-60,-51
Ch4=1,-90,-36
Ch5=1,-113,-18
Ch6=1,-69,-22
Ch7=1,-31,-46
Ch8=1,-45,0
Ch9=1,-90,0
Ch10=1,-113,18
Ch11=1,-69,21
Ch12=1,-31,46
Ch13=1,45,-90
Ch14=1,-60,51
Ch15=1,-90,36
Ch16=1,-90,72
Ch17=1,90,-90
Ch18=1,90,-72
Ch19=1,60,-51
Ch20=1,90,-36
Ch21=1,69,-21
Ch22=1,31,-46
Ch23=1,0,0
Ch24=1,45,0
Ch25=1,90,0
Ch26=1,113,18
Ch27=1,69,21
Ch28=1,31,46
Ch29=1,60,51
Ch30=1,90,36
Ch31=1,90,72

[Comment]

BrainVision Recorder Professional   -   V. 1.25.0101


A m p l i f i e r  S e t u p
============================
Number of channels: 31
Sampling Rate [Hz]: 1000
Sampling Interval [µS]: 1000

Channels
--------
#     Name      Phys. Chn.    Resolution / Unit   Low Cutoff [s]   High Cutoff [Hz]   Notch [Hz]    Gradient         Offset
1     Fp1         1          0.0488281 µV             DC              280              Off
2     Fz          2          0.0488281 µV             DC              280              Off
3     F3          3          0.0488281 µV             DC              280              Off
4     F7          4          0.0488281 µV             DC              280              Off
5     FT9         5          0.0488281 µV             DC              280              Off
6     FC5         6          0.0488281 µV             DC              280              Off
7     FC1         7          0.0488281 µV             DC              280              Off
8     C3          8          0.0488281 µV             DC              280              Off
9     T7          9          0.0488281 µV             DC              280              Off
10    TP9         10         0.0488281 µV             DC              280              Off
11    CP5         11         0.0488281 µV             DC              280              Off
12    CP1         12         0.0488281 µV             DC              280              Off
13    Pz          13         0.0488281 µV             DC              280              Off
14    P3          14         0.0488281 µV             DC              280              Off
15    P7          15         0.0488281 µV             DC              280              Off
16    O1          16         0.0488281 µV             DC              280              Off
17    Oz          17         0.0488281 µV             DC              280              Off
18    O2          18         0.0488281 µV             DC              280              Off
19    P4          19         0.0488281 µV             DC              280              Off
20    P8          20         0.0488281 µV             DC              280              Off
21    CP6         22         0.0488281 µV             DC              280              Off
22    CP2         23         0.0488281 µV             DC              280              Off
23    Cz          24         0.0488281 µV             DC              280              Off
24    C4          25         0.0488281 µV             DC              280              Off
25    T8          26         0.0488281 µV             DC              280              Off
26    FT10        27         0.0488281 µV             DC              280              Off
27    FC6         28         0.0488281 µV             DC              280              Off
28    FC2         29         0.0488281 µV             DC              280              Off
29    F4          30         0.0488281 µV             DC              280              Off
30    F8          31         0.0488281 µV             DC              280              Off
31    Fp2         32         0.0488281 µV             DC              280              Off

Reference Channel Name = TP10
Reference Phys. Chn.   = 21
Use active/dry Electrodes = Yes 
Good Level [kOhms]     = 25
Bad Level [kOhms]      = 50
MY-Button Workspace    = C:\Vision\Workfiles\MYButton

Amplifier 
actiCHamp Base Unit (5002) 
  --- S/N 18110002 --- 
actiCHamp 32 CH Module
  --- Module 1 (5011): S/N 18110005 ---
Version: DLL_27.18.06.25, DRV_03.04.01.146, CTRL_104.18.06.25, FPGA_67.00.00.00, DSP_105.19.02.27 


S o f t w a r e  F i l t e r s
==============================
Disabled


Data/Gnd Electrodes Selected Impedance Measurement Range: 25 - 50 kOhm
Impedance [kOhm] at 09:22:00 :
Fp1:      not connected
Fz:       not connected
F3:       not connected
F7:       not connected
FT9:      not connected
FC5:      not connected
FC1:      not connected
C3:       not connected
T7:       not connected
TP9:      not connected
CP5:      not connected
CP1:      not connected
Pz:       not connected
P3:       not connected
P7:       not connected
O1:       not connected
Oz:       not connected
O2:       not connected
P4:       not connected
P8:       not connected
TP10:     not connected
CP6:      not connected
CP2:      not connected
Cz:       not connected
C4:       not connected
T8:       not connected
FT10:     not connected
FC6:      not connected
FC2:      not connected
F4:       not connected
F8:       not connected
Fp2:      not connected
Gnd:      not connected
